GEM
  remote: http://rubygems.org/
  specs:
    paint (2.0.0)

PLATFORMS
  ruby

DEPENDENCIES
  paint

BUNDLED WITH
   1.14.4
